PATH
  remote: .
  specs:
    redmine-cli (0.0.1)
      activeresource (~> 3.0.0)
      thor

GEM
  remote: http://rubygems.org/
  specs:
    activemodel (3.0.1)
      activesupport (= 3.0.1)
      builder (~> 2.1.2)
      i18n (~> 0.4.1)
    activeresource (3.0.1)
      activemodel (= 3.0.1)
      activesupport (= 3.0.1)
    activesupport (3.0.1)
    builder (2.1.2)
    columnize (0.3.1)
    i18n (0.4.2)
    linecache (0.43)
    ruby-debug (0.10.3)
      columnize (>= 0.1)
      ruby-debug-base (~> 0.10.3.0)
    ruby-debug-base (0.10.3)
      linecache (>= 0.3)
    thor (0.14.3)

PLATFORMS
  ruby

DEPENDENCIES
  activeresource (~> 3.0.0)
  redmine-cli!
  ruby-debug
  thor
