PATH
  remote: .
  specs:
    redmine-cli (0.1.0)
      activeresource (~> 3.0.0)
      thor

GEM
  remote: http://rubygems.org/
  specs:
    activemodel (3.0.1)
      activesupport (= 3.0.1)
      builder (~> 2.1.2)
      i18n (~> 0.4.1)
    activeresource (3.0.1)
      activemodel (= 3.0.1)
      activesupport (= 3.0.1)
    activesupport (3.0.1)
    aruba (0.2.3)
      background_process
      cucumber (~> 0.9.0)
    background_process (1.2)
    builder (2.1.2)
    columnize (0.3.1)
    cucumber (0.9.3)
      builder (~> 2.1.2)
      diff-lcs (~> 1.1.2)
      gherkin (~> 2.2.9)
      json (~> 1.4.6)
      term-ansicolor (~> 1.0.5)
    diff-lcs (1.1.2)
    gherkin (2.2.9)
      json (~> 1.4.6)
      term-ansicolor (~> 1.0.5)
    i18n (0.4.2)
    json (1.4.6)
    linecache (0.43)
    rspec (2.0.1)
      rspec-core (~> 2.0.1)
      rspec-expectations (~> 2.0.1)
      rspec-mocks (~> 2.0.1)
    rspec-core (2.0.1)
    rspec-expectations (2.0.1)
      diff-lcs (>= 1.1.2)
    rspec-mocks (2.0.1)
      rspec-core (~> 2.0.1)
      rspec-expectations (~> 2.0.1)
    ruby-debug (0.10.3)
      columnize (>= 0.1)
      ruby-debug-base (~> 0.10.3.0)
    ruby-debug-base (0.10.3)
      linecache (>= 0.3)
    term-ansicolor (1.0.5)
    thor (0.14.3)

PLATFORMS
  ruby

DEPENDENCIES
  activeresource (~> 3.0.0)
  aruba
  cucumber
  redmine-cli!
  rspec
  ruby-debug
  thor
